GEM
  remote: https://rubygems.org/
  specs:
    fishwife (1.5.1-java)
      rack (~> 1.5.2)
      rjack-jetty (~> 9.0.0, >= 9.0.0.5)
      rjack-slf4j (~> 1.7.2)
    jsonj-integration (1.2)
    properties-configuration (1.0)
    rack (1.5.2)
    rack-protection (1.5.0)
      rack
    rjack-jetty (9.0.3.0-java)
    rjack-slf4j (1.7.5.0-java)
    sinatra (1.4.2)
      rack (~> 1.5, >= 1.5.2)
      rack-protection (~> 1.4)
      tilt (~> 1.3, >= 1.3.4)
    sinatra-docdsl (0.3.0)
    tilt (1.4.1)

PLATFORMS
  java

DEPENDENCIES
  fishwife
  jsonj-integration
  properties-configuration
  sinatra
  sinatra-docdsl
